GEM
  remote: http://rubygems.org/
  specs:
    colored (1.2)
    cri (2.3.0)
      colored (>= 1.2)
    mime-types (1.21)
    nanoc (3.5.0)
      cri (~> 2.2)
    rack (1.5.2)
    slim (1.3.6)
      temple (~> 0.5.5)
      tilt (~> 1.3.3)
    temple (0.5.5)
    tilt (1.3.3)

PLATFORMS
  ruby

DEPENDENCIES
  mime-types (~> 1.21.0)
  nanoc (~> 3.5.0)
  rack (~> 1.5.2)
  slim (~> 1.3.6)
